GEM
  remote: https://rubygems.org/
  specs:
    fileutils (1.1.0)
    net-scp (1.2.1)
      net-ssh (>= 2.6.5)
    net-ssh (5.2.0)
    semver (1.0.1)
    sshkit (1.18.2)
      net-scp (>= 1.1.2)
      net-ssh (>= 2.8.0)

PLATFORMS
  ruby

DEPENDENCIES
  fileutils
  semver
  sshkit

BUNDLED WITH
   2.0.1
